GEM
  remote: https://rubygems.org/
  specs:
    dotenv (2.2.0)
    ethon (0.10.1)
      ffi (>= 1.3.0)
    ffi (1.9.17)
    foreman (0.78.0)
      thor (~> 0.19.1)
    multi_json (1.11.3)
    oj (2.17.1)
    oj_mimic_json (1.0.1)
    redis (3.3.3)
    thor (0.19.4)
    typhoeus (1.1.2)
      ethon (>= 0.9.0)

PLATFORMS
  ruby

DEPENDENCIES
  dotenv
  foreman
  multi_json
  oj
  oj_mimic_json
  redis
  thor
  typhoeus

RUBY VERSION
   ruby 2.2.3p173

BUNDLED WITH
   1.13.1
